PATH
  remote: .
  specs:
    namx (0.1.3)

GEM
  remote: https://rubygems.org/
  specs:
    minitest (5.13.0)
    rake (10.5.0)

PLATFORMS
  ruby

DEPENDENCIES
  bundler (~> 2.0)
  minitest (~> 5.0)
  namx!
  rake (~> 10.0)

BUNDLED WITH
   2.0.2
